GEM
  remote: https://rubygems.org/
  specs:
    minitest (5.16.2)

PLATFORMS
  arm64-darwin-21

DEPENDENCIES
  minitest (>= 5.16.0)

BUNDLED WITH
   2.3.7
